GIT
  remote: git://github.com/macobo/chat-adapter.git
  revision: 3cce46e93a79a83ea31dd4812f541d09b54ae5cb
  specs:
    chat-adapter (0.0.1)
      cinch
      colorize
      logging
      redcarpet
      rest-client
      sinatra
      thin
      xmpp4r

GIT
  remote: git://github.com/rest-client/rest-client.git
  revision: 883903f5e5ae6c894db4e1271b3236301d881ee1
  specs:
    rest-client (2.0.0.rc1)
      http-cookie (>= 1.0.2, < 2.0)
      mime-types (>= 1.16, < 3.0)
      netrc (~> 0.8)

GEM
  remote: https://rubygems.org/
  specs:
    cinch (2.1.0)
    colorize (0.7.3)
    daemons (1.1.9)
    domain_name (0.5.24)
      unf (>= 0.0.5, < 1.0.0)
    eventmachine (1.0.3)
    http-cookie (1.0.2)
      domain_name (~> 0.5)
    little-plugger (1.1.3)
    logging (1.8.2)
      little-plugger (>= 1.1.3)
      multi_json (>= 1.8.4)
    mime-types (2.6.1)
    multi_json (1.10.1)
    netrc (0.10.3)
    rack (1.5.2)
    rack-protection (1.5.3)
      rack
    redcarpet (3.1.2)
    sinatra (1.4.5)
      rack (~> 1.4)
      rack-protection (~> 1.4)
      tilt (~> 1.3, >= 1.3.4)
    thin (1.6.3)
      daemons (~> 1.0, >= 1.0.9)
      eventmachine (~> 1.0)
      rack (~> 1.0)
    tilt (1.4.1)
    unf (0.1.4)
      unf_ext
    unf_ext (0.0.7.1)
    xmpp4r (0.5.6)

PLATFORMS
  ruby

DEPENDENCIES
  chat-adapter!
  rest-client!

BUNDLED WITH
   1.10.2
